GEM
  remote: http://rubygems.org/
  specs:
    colored (1.2)
    metaclass (0.0.1)
    mocha (0.10.0)
      metaclass (~> 0.0.1)

PLATFORMS
  ruby

DEPENDENCIES
  colored
  mocha
