GEM
  remote: https://rubygems.org/
  specs:
    colored (1.2)
    diff-lcs (1.2.5)
    metaclass (0.0.2)
    minitest (5.2.2)
    mocha (1.0.0)
      metaclass (~> 0.0.1)
    parallel (0.9.2)
    rake (10.1.1)
    rspec (3.5.0)
      rspec-core (~> 3.5.0)
      rspec-expectations (~> 3.5.0)
      rspec-mocks (~> 3.5.0)
    rspec-core (3.5.4)
      rspec-support (~> 3.5.0)
    rspec-expectations (3.5.0)
      diff-lcs (>= 1.2.0, < 2.0)
      rspec-support (~> 3.5.0)
    rspec-mocks (3.5.0)
      diff-lcs (>= 1.2.0, < 2.0)
      rspec-support (~> 3.5.0)
    rspec-support (3.5.0)

PLATFORMS
  ruby

DEPENDENCIES
  colored
  minitest
  mocha
  parallel
  rake
  rspec

BUNDLED WITH
   1.12.5
